PATH
  remote: .
  specs:
    calabash-android (0.5.2.pre1)
      awesome_print
      cucumber
      escape (~> 0.0.4)
      httpclient (~> 2.3.2)
      json
      retriable (~> 1.3.3.1)
      rubyzip (~> 1.1)
      slowhandcuke

GEM
  remote: http://rubygems.org/
  specs:
    awesome_print (1.2.0)
    builder (3.2.2)
    cucumber (1.3.15)
      builder (>= 2.1.2)
      diff-lcs (>= 1.1.3)
      gherkin (~> 2.12)
      multi_json (>= 1.7.5, < 2.0)
      multi_test (>= 0.1.1)
    diff-lcs (1.2.5)
    escape (0.0.4)
    gherkin (2.12.2)
      multi_json (~> 1.3)
    httpclient (2.3.4.1)
    json (1.8.1)
    multi_json (1.10.1)
    multi_test (0.1.1)
    rake (10.1.0)
    retriable (1.3.3.1)
    rubyzip (1.1.6)
    slowhandcuke (0.0.3)
      cucumber

PLATFORMS
  ruby

DEPENDENCIES
  calabash-android!
  rake (= 10.1.0)
